GEM
  remote: https://rubygems.org/
  specs:
    concurrent-ruby (1.0.2)
    execjs (2.7.0)
    ffi (1.9.14)
    hike (1.2.3)
    htmlcompressor (0.3.0)
    inesita (0.4.1)
      listen (~> 3.0)
      opal (>= 0.9, < 0.11)
      opal-virtual-dom (~> 0.4.0)
      rack-rewrite (~> 1.5)
      sass (~> 3.4)
      slim (~> 3.0)
      thor (~> 0.19)
    inesita-livereload (0.1.0)
      listen (~> 3.0)
      opal (~> 0.9)
      websocket (~> 1.0)
    listen (3.1.5)
      rb-fsevent (~> 0.9, >= 0.9.4)
      rb-inotify (~> 0.9, >= 0.9.7)
      ruby_dep (~> 1.2)
    materialize-sass (0.97.6)
      sass (~> 3.3)
    opal (0.10.1)
      hike (~> 1.2)
      sourcemap (~> 0.1.0)
      sprockets (~> 3.1)
      tilt (>= 1.4)
    opal-virtual-dom (0.4.2)
      opal
    puma (3.4.0)
    rack (2.0.1)
    rack-rewrite (1.5.1)
    rb-fsevent (0.9.7)
    rb-inotify (0.9.7)
      ffi (>= 0.5.0)
    ruby_dep (1.3.1)
    sass (3.4.22)
    slim (3.0.7)
      temple (~> 0.7.6)
      tilt (>= 1.3.3, < 2.1)
    sourcemap (0.1.1)
    sprockets (3.7.0)
      concurrent-ruby (~> 1.0)
      rack (> 1, < 3)
    temple (0.7.7)
    thor (0.19.1)
    tilt (2.0.5)
    uglifier (3.0.1)
      execjs (>= 0.3.0, < 3)
    websocket (1.2.3)
    xml-motor (0.1.6)

PLATFORMS
  ruby

DEPENDENCIES
  htmlcompressor
  inesita (~> 0.4.0)
  inesita-livereload (~> 0.1.0)
  materialize-sass
  puma
  uglifier
  xml-motor

BUNDLED WITH
   1.12.5
